GEM
  remote: https://rubygems.org/
  specs:
    celluloid (0.16.0)
      timers (~> 4.0.0)
    ffi (1.9.10)
    hitimes (1.2.3)
    listen (2.10.1)
      celluloid (~> 0.16.0)
      rb-fsevent (>= 0.9.3)
      rb-inotify (>= 0.9)
    rb-fsevent (0.9.7)
    rb-inotify (0.9.7)
      ffi (>= 0.5.0)
    sass (3.4.22)
    timers (4.0.4)
      hitimes

PLATFORMS
  ruby

DEPENDENCIES
  listen (~> 2.8)
  sass (~> 3.4.0)

BUNDLED WITH
   1.11.2
